GEM
  remote: https://rubygems.org/
  specs:
    activesupport (4.2.1)
      i18n (~> 0.7)
      json (~> 1.7, >= 1.7.7)
      minitest (~> 5.1)
      thread_safe (~> 0.3, >= 0.3.4)
      tzinfo (~> 1.1)
    addressable (2.3.8)
    blankslate (2.1.2.4)
    capistrano (2.15.5)
      highline
      net-scp (>= 1.0.0)
      net-sftp (>= 2.0.0)
      net-ssh (>= 2.0.14)
      net-ssh-gateway (>= 1.1.0)
    celluloid (0.16.0)
      timers (~> 4.0.0)
    chunky_png (1.3.4)
    classifier-reborn (2.0.3)
      fast-stemmer (~> 1.0)
    coffee-script (2.4.1)
      coffee-script-source
      execjs
    coffee-script-source (1.9.1.1)
    colorator (0.1)
    compass (1.0.3)
      chunky_png (~> 1.2)
      compass-core (~> 1.0.2)
      compass-import-once (~> 1.0.5)
      rb-fsevent (>= 0.9.3)
      rb-inotify (>= 0.9)
      sass (>= 3.3.13, < 3.5)
    compass-core (1.0.3)
      multi_json (~> 1.0)
      sass (>= 3.3.0, < 3.5)
    compass-import-once (1.0.5)
      sass (>= 3.2, < 3.5)
    dominatrix (1.1.1)
    execjs (2.5.2)
    fast-stemmer (1.0.2)
    fastimage (1.7.0)
      addressable (~> 2.3, >= 2.3.5)
    ffi (1.9.8)
    gemoji (2.1.0)
    haml (4.0.6)
      tilt
    highline (1.7.2)
    hike (1.2.3)
    hitimes (1.2.2)
    html-pipeline (1.9.0)
      activesupport (>= 2)
      nokogiri (~> 1.4)
    i18n (0.7.0)
    jekyll (2.5.3)
      classifier-reborn (~> 2.0)
      colorator (~> 0.1)
      jekyll-coffeescript (~> 1.0)
      jekyll-gist (~> 1.0)
      jekyll-paginate (~> 1.0)
      jekyll-sass-converter (~> 1.0)
      jekyll-watch (~> 1.1)
      kramdown (~> 1.3)
      liquid (~> 2.6.1)
      mercenary (~> 0.3.3)
      pygments.rb (~> 0.6.0)
      redcarpet (~> 3.1)
      safe_yaml (~> 1.0)
      toml (~> 0.1.0)
    jekyll-assets (0.14.0)
      fastimage (~> 1.6)
      jekyll (~> 2.0)
      mini_magick (~> 4.1)
      sass (~> 3.2)
      sprockets (~> 2.10)
      sprockets-helpers
      sprockets-sass
    jekyll-coffeescript (1.0.1)
      coffee-script (~> 2.2)
    jekyll-gist (1.2.1)
    jekyll-paginate (1.1.0)
    jekyll-sass-converter (1.3.0)
      sass (~> 3.2)
    jekyll-sitemap (0.8.1)
    jekyll-watch (1.2.1)
      listen (~> 2.7)
    jemoji (0.4.0)
      gemoji (~> 2.0)
      html-pipeline (~> 1.9)
      jekyll (~> 2.0)
    json (1.8.2)
    kramdown (1.7.0)
    liquid (2.6.2)
    listen (2.10.0)
      celluloid (~> 0.16.0)
      rb-fsevent (>= 0.9.3)
      rb-inotify (>= 0.9)
    mercenary (0.3.5)
    mini_magick (4.2.4)
    mini_portile (0.6.2)
    minitest (5.6.1)
    multi_json (1.11.0)
    net-scp (1.2.1)
      net-ssh (>= 2.6.5)
    net-sftp (2.1.2)
      net-ssh (>= 2.6.5)
    net-ssh (2.9.2)
    net-ssh-gateway (1.2.0)
      net-ssh (>= 2.6.5)
    nokogiri (1.6.6.2)
      mini_portile (~> 0.6.0)
    octopress-abort-tag (1.0.2)
      jekyll (~> 2.0)
      octopress-tag-helpers (~> 1.0)
    octopress-assign-tag (1.0.3)
      jekyll (>= 2.0)
      octopress-tag-helpers (~> 1.0)
    octopress-capture-tag (1.0.2)
      jekyll (>= 2.0)
      octopress-tag-helpers (~> 1.0)
    octopress-code-highlighter (4.2.4)
      colorator (~> 0.1)
      octopress-hooks
    octopress-comment-tag (1.0.1)
      jekyll
    octopress-content-for (1.0.4)
      jekyll (~> 2.0)
      octopress-tag-helpers (~> 1.0)
    octopress-date-format (3.0.2)
      jekyll (~> 2.0)
      octopress-hooks (~> 2.0)
    octopress-gist (1.3.5)
      octopress-code-highlighter (~> 4.2)
    octopress-hooks (2.6.1)
      jekyll (>= 2.0)
    octopress-image-tag (1.1.0)
      jekyll
    octopress-include-tag (1.1.3)
      jekyll (>= 2.0)
      octopress-tag-helpers (~> 1.0)
    octopress-markdown-tag (1.1.2)
      jekyll (~> 2.0)
    octopress-pullquote-tag (1.0.1)
      jekyll
      rubypants-unicode
    octopress-quote-tag (1.0.4)
      jekyll
      rubypants
    octopress-render-tag (1.0.7)
      jekyll (>= 2.0)
      octopress-tag-helpers (~> 1.0)
    octopress-return-tag (1.0.1)
      jekyll
      octopress-tag-helpers (~> 1.0)
    octopress-tag-helpers (1.0.8)
      jekyll (>= 2.0)
    octopress-video-tag (1.1.1)
      jekyll (~> 2.0)
    octopress-wrap-tag (1.1.1)
      jekyll (>= 2.0)
      octopress-content-for (~> 1.0)
      octopress-include-tag (~> 1.0)
      octopress-render-tag (~> 1.0)
      octopress-return-tag (~> 1.0)
      octopress-tag-helpers (~> 1.0)
    parslet (1.5.0)
      blankslate (~> 2.0)
    posix-spawn (0.3.11)
    pygments.rb (0.6.3)
      posix-spawn (~> 0.3.6)
      yajl-ruby (~> 1.2.0)
    rack (1.6.1)
    rake (10.4.2)
    rb-fsevent (0.9.5)
    rb-inotify (0.9.5)
      ffi (>= 0.5.0)
    react-jsx-sprockets (0.2.0)
      execjs (>= 1.2.9)
      sprockets (>= 2.0.3)
      tilt (>= 1.3.3)
      yajl-ruby
    redcarpet (3.2.3)
    rubypants (0.2.0)
    rubypants-unicode (0.2.5)
    safe_yaml (1.0.4)
    sass (3.4.14)
    sprockets (2.12.3)
      hike (~> 1.2)
      multi_json (~> 1.0)
      rack (~> 1.0)
      tilt (~> 1.1, != 1.3.0)
    sprockets-helpers (1.1.0)
      sprockets (~> 2.0)
    sprockets-sass (1.3.1)
      sprockets (~> 2.0)
      tilt (~> 1.1)
    thread_safe (0.3.5)
    tilt (1.4.1)
    timers (4.0.1)
      hitimes
    toml (0.1.2)
      parslet (~> 1.5.0)
    tzinfo (1.2.2)
      thread_safe (~> 0.1)
    uglifier (2.7.1)
      execjs (>= 0.3.0)
      json (>= 1.8.0)
    yajl-ruby (1.2.1)

PLATFORMS
  ruby

DEPENDENCIES
  capistrano (~> 2.15.4)
  compass
  dominatrix
  haml
  jekyll
  jekyll-assets
  jekyll-sitemap
  jemoji
  json
  octopress-abort-tag
  octopress-assign-tag
  octopress-capture-tag
  octopress-comment-tag
  octopress-content-for
  octopress-date-format
  octopress-gist
  octopress-image-tag
  octopress-markdown-tag
  octopress-pullquote-tag
  octopress-quote-tag
  octopress-render-tag
  octopress-return-tag
  octopress-video-tag
  octopress-wrap-tag
  rake
  react-jsx-sprockets
  sass
  sprockets-sass
  uglifier
